GEM
  remote: https://rubygems.org/
  specs:
    imdb (0.8.1)
      nokogiri (>= 1.6.0)
    mime-types (2.1)
    mini_portile (0.5.2)
    nokogiri (1.6.1)
      mini_portile (~> 0.5.0)
    rest-client (1.6.7)
      mime-types (>= 1.16)

PLATFORMS
  ruby

DEPENDENCIES
  imdb
  rest-client
