GEM
  remote: https://rubygems.org/
  specs:
    httparty (0.11.0)
      multi_json (~> 1.0)
      multi_xml (>= 0.5.2)
    multi_json (1.10.1)
    multi_xml (0.5.5)
    omdbapi (0.2.0)
      httparty (= 0.11.0)

PLATFORMS
  ruby

DEPENDENCIES
  omdbapi
